GEM
  remote: http://rubygems.org/
  specs:
    blackwinter-git (1.2.7)
    columnize (0.3.2)
    curb (0.7.7.1)
    diff-lcs (1.1.2)
    flexmock (0.8.8)
    json (1.4.6)
    libarchive (0.1.1)
    linecache (0.43)
    process_watcher (0.3)
    rake (0.8.7)
    right_aws (2.0.0)
      right_http_connection (>= 1.2.1)
    right_http_connection (1.2.4)
    rspec (2.3.0)
      rspec-core (~> 2.3.0)
      rspec-expectations (~> 2.3.0)
      rspec-mocks (~> 2.3.0)
    rspec-core (2.3.1)
    rspec-expectations (2.3.0)
      diff-lcs (~> 1.1.2)
    rspec-mocks (2.3.0)
    rtags (0.97)
    ruby-debug (0.10.4)
      columnize (>= 0.1)
      ruby-debug-base (~> 0.10.4.0)
    ruby-debug-base (0.10.4)
      linecache (>= 0.3)

PLATFORMS
  ruby

DEPENDENCIES
  blackwinter-git (~> 1.2.7)
  curb (~> 0.7.7.1)
  flexmock
  json (~> 1.4.5)
  libarchive (~> 0.1.1)
  process_watcher (~> 0.3)
  rake
  right_aws (~> 2.0)
  rspec (~> 2.3)
  rtags
  ruby-debug
