GIT
  remote: git@github.com:rightscale/right_git.git
  revision: b5754efb8195b1bf30fe83f3eb263d6b0480d59b
  branch: teal_13_17_acu134044_support_mingw
  specs:
    right_git (0.0.2)

PATH
  remote: .
  specs:
    right_scraper (4.0.3)
      json (~> 1.4)
      right_aws (>= 2.0)
      right_git
      right_popen (~> 2.0)
      right_support (~> 2.6)

GEM
  remote: http://s3.amazonaws.com/rightscale_rightlink_gems_dev/
  remote: https://rubygems.org/
  specs:
    archive-tar-minitar (0.5.2)
    columnize (0.3.6)
    diff-lcs (1.1.3)
    flexmock (0.9.0)
    json (1.8.1)
    linecache (0.46)
      rbx-require-relative (> 0.0.4)
    linecache19 (0.5.12)
      ruby_core_source (>= 0.1.4)
    rake (0.8.7)
    rbx-require-relative (0.0.9)
    rdoc (2.5.11)
    right_aws (3.1.0)
      right_http_connection (>= 1.2.5)
    right_http_connection (1.4.0)
    right_popen (2.0.2)
    right_popen (2.0.2-x86-mswin32)
      win32-api (= 1.4.5)
      win32-dir (= 0.3.5)
      win32-process (= 0.6.1)
      windows-api (= 0.4.0)
      windows-pr (= 1.0.8)
    right_support (2.7.0)
    rspec (2.11.0)
      rspec-core (~> 2.11.0)
      rspec-expectations (~> 2.11.0)
      rspec-mocks (~> 2.11.0)
    rspec-core (2.11.1)
    rspec-expectations (2.11.2)
      diff-lcs (~> 1.1.3)
    rspec-mocks (2.11.2)
    rtags (0.97)
    ruby-debug (0.10.4)
      columnize (>= 0.1)
      ruby-debug-base (~> 0.10.4.0)
    ruby-debug-base (0.10.4)
      linecache (>= 0.3)
    ruby-debug-base19 (0.11.25)
      columnize (>= 0.3.1)
      linecache19 (>= 0.5.11)
      ruby_core_source (>= 0.1.4)
    ruby-debug19 (0.11.6)
      columnize (>= 0.3.1)
      linecache19 (>= 0.5.11)
      ruby-debug-base19 (>= 0.11.19)
    ruby_core_source (0.1.5)
      archive-tar-minitar (>= 0.5.2)
    test-unit (2.5.5)
    win32-api (1.4.5-x86-mswin32)
    win32-dir (0.3.5)
      test-unit (>= 2.0.3)
      windows-pr (>= 0.9.3)
    win32-process (0.6.1)
      windows-pr (>= 1.0.5)
    windows-api (0.4.0)
      win32-api (>= 1.4.5)
    windows-pr (1.0.8)
      win32-api (>= 1.4.5)
      windows-api (>= 0.3.0)

PLATFORMS
  ruby
  x86-mswin32

DEPENDENCIES
  flexmock (~> 0.9)
  rake (= 0.8.7)
  rdoc (~> 2.4)
  right_git!
  right_popen (~> 2.0)
  right_scraper!
  right_support (= 2.7)
  rspec (~> 2.0)
  rtags (~> 0.97)
  ruby-debug
  ruby-debug19
