GIT
  remote: git@github.com:rightscale/right_aws_api.git
  revision: 63073d72d7efe3cca6e7f0c554882c93b4bd2f78
  tag: v0.3.1
  specs:
    right_aws_api (0.3.0)
      right_cloud_api_base (>= 0.2.2)

GIT
  remote: git@github.com:rightscale/right_cloud_api_base.git
  revision: ed64ddb682aeb874b95146937d59257a7205f05e
  tag: v0.2.2
  specs:
    right_cloud_api_base (0.2.2)
      json (>= 1.0.0)
      libxml-ruby (>= 1.0.0)
      net-http-persistent (>= 2.9.0)
      redcarpet (>= 3.0.0)
      ruby-hmac (>= 0.4.0)

PATH
  remote: .
  specs:
    right_scraper (4.0.5)
      json (~> 1.4)
      right_aws_api
      right_git
      right_popen (~> 2.0)
      right_support (~> 2.6)

GEM
  remote: http://s3.amazonaws.com/rightscale_rightlink_gems_dev/
  remote: https://rubygems.org/
  specs:
    archive-tar-minitar (0.5.2)
    columnize (0.3.6)
    diff-lcs (1.1.3)
    flexmock (0.9.0)
    json (1.8.3)
    libxml-ruby (2.8.0)
    linecache (0.46)
      rbx-require-relative (> 0.0.4)
    linecache19 (0.5.12)
      ruby_core_source (>= 0.1.4)
    net-http-persistent (2.9.4)
    rake (0.8.7)
    rbx-require-relative (0.0.9)
    rdoc (2.5.11)
    redcarpet (3.3.2)
    right_git (0.0.3)
    right_popen (2.0.0)
    right_support (2.7.0)
    rspec (2.11.0)
      rspec-core (~> 2.11.0)
      rspec-expectations (~> 2.11.0)
      rspec-mocks (~> 2.11.0)
    rspec-core (2.11.1)
    rspec-expectations (2.11.2)
      diff-lcs (~> 1.1.3)
    rspec-mocks (2.11.2)
    rtags (0.97)
    ruby-debug (0.10.4)
      columnize (>= 0.1)
      ruby-debug-base (~> 0.10.4.0)
    ruby-debug-base (0.10.4)
      linecache (>= 0.3)
    ruby-debug-base19 (0.11.25)
      columnize (>= 0.3.1)
      linecache19 (>= 0.5.11)
      ruby_core_source (>= 0.1.4)
    ruby-debug19 (0.11.6)
      columnize (>= 0.3.1)
      linecache19 (>= 0.5.11)
      ruby-debug-base19 (>= 0.11.19)
    ruby-hmac (0.4.0)
    ruby_core_source (0.1.5)
      archive-tar-minitar (>= 0.5.2)

PLATFORMS
  ruby
  x86-mingw32

DEPENDENCIES
  flexmock (~> 0.9)
  rake (= 0.8.7)
  rdoc (~> 2.4)
  right_aws_api!
  right_cloud_api_base!
  right_git
  right_popen (~> 2.0)
  right_scraper!
  right_support (= 2.7)
  rspec (~> 2.0)
  rtags (~> 0.97)
  ruby-debug
  ruby-debug19
