GIT
  remote: git@github.com:rightscale/right_git.git
  revision: 955d273cfa90d655fdfedcc042b3d4bd3a27debb
  branch: master
  specs:
    right_git (0.0.1)

GIT
  remote: git@github.com:rightscale/right_popen.git
  revision: 9a75fb516fe873c299e69ddaeb053f0045732a15
  branch: teal_13_13_acu115916_fixes_for_linux_process_etc
  specs:
    right_popen (2.0.0)
      json (>= 1.4)

PATH
  remote: .
  specs:
    right_scraper (4.0.0)
      json (~> 1.4)
      right_aws (>= 2.0)
      right_git
      right_popen (~> 2.0)
      right_support (~> 2.6)

GEM
  remote: https://rubygems.org/
  specs:
    archive-tar-minitar (0.5.2)
    blackwinter-git (1.2.7)
    columnize (0.3.6)
    diff-lcs (1.1.3)
    flexmock (0.9.0)
    json (1.8.0)
    linecache (0.46)
      rbx-require-relative (> 0.0.4)
    linecache19 (0.5.12)
      ruby_core_source (>= 0.1.4)
    rake (0.8.7)
    rbx-require-relative (0.0.9)
    rdoc (2.5.11)
    right_aws (3.1.0)
      right_http_connection (>= 1.2.5)
    right_http_connection (1.4.0)
    right_support (2.7.0)
    rspec (2.11.0)
      rspec-core (~> 2.11.0)
      rspec-expectations (~> 2.11.0)
      rspec-mocks (~> 2.11.0)
    rspec-core (2.11.1)
    rspec-expectations (2.11.2)
      diff-lcs (~> 1.1.3)
    rspec-mocks (2.11.2)
    rtags (0.97)
    ruby-debug (0.10.4)
      columnize (>= 0.1)
      ruby-debug-base (~> 0.10.4.0)
    ruby-debug-base (0.10.4)
      linecache (>= 0.3)
    ruby-debug-base19 (0.11.25)
      columnize (>= 0.3.1)
      linecache19 (>= 0.5.11)
      ruby_core_source (>= 0.1.4)
    ruby-debug19 (0.11.6)
      columnize (>= 0.3.1)
      linecache19 (>= 0.5.11)
      ruby-debug-base19 (>= 0.11.19)
    ruby_core_source (0.1.5)
      archive-tar-minitar (>= 0.5.2)

PLATFORMS
  ruby

DEPENDENCIES
  blackwinter-git
  flexmock (~> 0.9)
  rake (= 0.8.7)
  rdoc (~> 2.4)
  right_git!
  right_popen!
  right_scraper!
  right_support (= 2.7)
  rspec (~> 2.0)
  rtags (~> 0.97)
  ruby-debug
  ruby-debug19
